PATH
  remote: .
  specs:
    sterm (0.1.3)
      rainbow (~> 3.0.0)
      serialport (~> 1.3.1)

GEM
  remote: https://rubygems.org/
  specs:
    rainbow (3.0.0)
    rake (10.5.0)
    serialport (1.3.1)

PLATFORMS
  ruby

DEPENDENCIES
  bundler (~> 1.17)
  rake (~> 10.0)
  sterm!

BUNDLED WITH
   1.17.2
